PATH
  remote: .
  specs:
    health_quest (0.1.0)

GEM
  remote: https://rubygems.org/
  specs:

PLATFORMS
  ruby

DEPENDENCIES
  health_quest!

BUNDLED WITH
   1.17.2
