GIT
  remote: https://github.com/department-of-veterans-affairs/active_model_serializers
  revision: 19015caa80227e5ae5d62179129edcaa43fb3d9d
  branch: master
  specs:
    active_model_serializers (0.10.4.vsp)
      actionpack (>= 4.1)
      activemodel (>= 4.1)
      case_transform (>= 0.2)
      jsonapi (= 0.1.1.beta6)

GIT
  remote: https://github.com/department-of-veterans-affairs/apivore
  revision: b5b6c9803334f9ddc1c11e4f201fdc9f6353ef59
  branch: master
  specs:
    apivore (1.6.2.vsp)
      actionpack (>= 4)
      hashie (~> 3.3)
      json-schema (~> 2.5)
      rspec (~> 3)
      rspec-expectations (~> 3.1)
      rspec-mocks (~> 3.1)

GIT
  remote: https://github.com/department-of-veterans-affairs/betamocks
  revision: df8f8e600863fe35b1d0bab01372f65a75d50937
  branch: master
  specs:
    betamocks (0.7.0)
      activesupport (>= 4.2)
      adler32
      faraday (>= 0.7.4, <= 0.17.0)

GIT
  remote: https://github.com/department-of-veterans-affairs/bgs-ext.git
  revision: 45b6d06bfb29765bbf241a2994936e922f359a75
  specs:
    bgs_ext (0.15.1)
      httpclient
      nokogiri (>= 1.8.5)
      savon (~> 2.12)

GIT
  remote: https://github.com/department-of-veterans-affairs/connect_vbms.git
  revision: bebad55f8723f091c7d41522178b11999f574499
  branch: master
  specs:
    connect_vbms (1.2.0)
      httpclient (~> 2.8.0)
      httpi (~> 2.4)
      mail
      nokogiri (>= 1.8.4)
      nori
      xmldsig (~> 0.3.1)
      xmlenc

GIT
  remote: https://github.com/department-of-veterans-affairs/vets-json-schema
  revision: bdc66babaef2f7addb84011f5c48f9196a3dbcbe
  branch: master
  specs:
    vets_json_schema (17.3.2)
      multi_json (~> 1.0)
      script_utils (= 0.0.4)

PATH
  remote: modules/appeals_api
  specs:
    appeals_api (0.0.1)
      sidekiq

PATH
  remote: modules/apps_api
  specs:
    apps_api (0.0.1)
      faraday
      sidekiq

PATH
  remote: modules/claims_api
  specs:
    claims_api (0.0.1)

PATH
  remote: modules/covid_research
  specs:
    covid_research (0.1.0)
      rails (~> 6.0.3, >= 6.0.3.2)
      sidekiq

PATH
  remote: modules/health_quest
  specs:
    health_quest (0.1.0)

PATH
  remote: modules/mobile
  specs:
    mobile (0.1.0)

PATH
  remote: modules/openid_auth
  specs:
    openid_auth (0.0.1)

PATH
  remote: modules/va_forms
  specs:
    va_forms (0.0.1)
      faraday
      nokogiri
      paper_trail
      sidekiq

PATH
  remote: modules/vaos
  specs:
    vaos (0.1.0)
      sidekiq

PATH
  remote: modules/vba_documents
  specs:
    vba_documents (0.0.1)
      aws-sdk-s3 (~> 1)
      sidekiq

PATH
  remote: modules/veteran_confirmation
  specs:
    veteran_confirmation (0.0.1)

PATH
  remote: modules/veteran_verification
  specs:
    veteran_verification (0.0.1)

PATH
  remote: modules/veteran
  specs:
    veteran (0.0.1)

GEM
  remote: https://rubygems.org/
  remote: https://enterprise.contribsys.com/
  specs:
    Ascii85 (1.0.3)
    aasm (5.0.6)
      concurrent-ruby (~> 1.0)
    actioncable (6.0.3.4)
      actionpack (= 6.0.3.4)
      nio4r (~> 2.0)
      websocket-driver (>= 0.6.1)
    actionmailbox (6.0.3.4)
      actionpack (= 6.0.3.4)
      activejob (= 6.0.3.4)
      activerecord (= 6.0.3.4)
      activestorage (= 6.0.3.4)
      activesupport (= 6.0.3.4)
      mail (>= 2.7.1)
    actionmailer (6.0.3.4)
      actionpack (= 6.0.3.4)
      actionview (= 6.0.3.4)
      activejob (= 6.0.3.4)
      mail (~> 2.5, >= 2.5.4)
      rails-dom-testing (~> 2.0)
    actionpack (6.0.3.4)
      actionview (= 6.0.3.4)
      activesupport (= 6.0.3.4)
      rack (~> 2.0, >= 2.0.8)
      rack-test (>= 0.6.3)
      rails-dom-testing (~> 2.0)
      rails-html-sanitizer (~> 1.0, >= 1.2.0)
    actiontext (6.0.3.4)
      actionpack (= 6.0.3.4)
      activerecord (= 6.0.3.4)
      activestorage (= 6.0.3.4)
      activesupport (= 6.0.3.4)
      nokogiri (>= 1.8.5)
    actionview (6.0.3.4)
      activesupport (= 6.0.3.4)
      builder (~> 3.1)
      erubi (~> 1.4)
      rails-dom-testing (~> 2.0)
      rails-html-sanitizer (~> 1.1, >= 1.2.0)
    activejob (6.0.3.4)
      activesupport (= 6.0.3.4)
      globalid (>= 0.3.6)
    activemodel (6.0.3.4)
      activesupport (= 6.0.3.4)
    activerecord (6.0.3.4)
      activemodel (= 6.0.3.4)
      activesupport (= 6.0.3.4)
    activerecord-import (1.0.4)
      activerecord (>= 3.2)
    activerecord-postgis-adapter (6.0.0)
      activerecord (~> 6.0)
      rgeo-activerecord (~> 6.0)
    activestorage (6.0.3.4)
      actionpack (= 6.0.3.4)
      activejob (= 6.0.3.4)
      activerecord (= 6.0.3.4)
      marcel (~> 0.3.1)
    activesupport (6.0.3.4)
      concurrent-ruby (~> 1.0, >= 1.0.2)
      i18n (>= 0.7, < 2)
      minitest (~> 5.1)
      tzinfo (~> 1.1)
      zeitwerk (~> 2.2, >= 2.2.2)
    addressable (2.7.0)
      public_suffix (>= 2.0.2, < 5.0)
    adler32 (0.0.2)
    afm (0.2.2)
    akami (1.3.1)
      gyoku (>= 0.4.0)
      nokogiri
    ast (2.4.1)
    attr_encrypted (3.1.0)
      encryptor (~> 3.0.0)
    attr_extras (6.2.4)
    awesome_print (1.8.0)
    awrence (1.1.1)
    aws-eventstream (1.1.0)
    aws-partitions (1.380.0)
    aws-sdk-core (3.109.0)
      aws-eventstream (~> 1, >= 1.0.2)
      aws-partitions (~> 1, >= 1.239.0)
      aws-sigv4 (~> 1.1)
      jmespath (~> 1.0)
    aws-sdk-kms (1.39.0)
      aws-sdk-core (~> 3, >= 3.109.0)
      aws-sigv4 (~> 1.1)
    aws-sdk-s3 (1.83.0)
      aws-sdk-core (~> 3, >= 3.109.0)
      aws-sdk-kms (~> 1)
      aws-sigv4 (~> 1.1)
    aws-sdk-sns (1.1.0)
      aws-sdk-core (~> 3)
      aws-sigv4 (~> 1.0)
    aws-sigv4 (1.2.2)
      aws-eventstream (~> 1, >= 1.0.2)
    axiom-types (0.1.1)
      descendants_tracker (~> 0.0.4)
      ice_nine (~> 0.11.0)
      thread_safe (~> 0.3, >= 0.3.1)
    benchmark-ips (2.8.2)
    bindex (0.8.1)
    brakeman (4.9.0)
    breakers (0.4.0)
      faraday (>= 0.7.4, < 0.18)
      multi_json (~> 1.0)
    builder (3.2.4)
    bundler-audit (0.7.0.1)
      bundler (>= 1.2.0, < 3)
      thor (>= 0.18, < 2)
    byebug (11.1.3)
    carrierwave (2.1.0)
      activemodel (>= 5.0.0)
      activesupport (>= 5.0.0)
      addressable (~> 2.6)
      image_processing (~> 1.1)
      mimemagic (>= 0.3.0)
      mini_mime (>= 0.1.3)
    carrierwave-aws (1.5.0)
      aws-sdk-s3 (~> 1.0)
      carrierwave (~> 2.0)
    case_transform (0.2)
      activesupport
    childprocess (3.0.0)
    claide (1.0.3)
    claide-plugins (0.9.2)
      cork
      nap
      open4 (~> 1.3)
    clam_scan (0.0.2)
    cliver (0.3.2)
    coderay (1.1.3)
    coercible (1.0.0)
      descendants_tracker (~> 0.0.1)
    colored2 (3.1.2)
    combine_pdf (1.0.16)
      ruby-rc4 (>= 0.1.5)
    concurrent-ruby (1.1.7)
    config (2.2.1)
      deep_merge (~> 1.2, >= 1.2.1)
      dry-validation (~> 1.0, >= 1.0.0)
    connection_pool (2.2.3)
    content_disposition (1.0.0)
    cork (0.3.0)
      colored2 (~> 3.1)
    crack (0.4.3)
      safe_yaml (~> 1.0.0)
    crass (1.0.6)
    danger (8.0.4)
      claide (~> 1.0)
      claide-plugins (>= 0.9.2)
      colored2 (~> 3.1)
      cork (~> 0.1)
      faraday (>= 0.9.0, < 2.0)
      faraday-http-cache (~> 2.0)
      git (~> 1.7)
      kramdown (~> 2.0)
      kramdown-parser-gfm (~> 1.0)
      no_proxy_fix
      octokit (~> 4.7)
      terminal-table (~> 1)
    database_cleaner (1.8.5)
    date_validator (0.9.0)
      activemodel
      activesupport
    deep_merge (1.2.1)
    descendants_tracker (0.0.4)
      thread_safe (~> 0.3, >= 0.3.1)
    diff-lcs (1.4.4)
    docile (1.3.2)
    down (5.2.0)
      addressable (~> 2.5)
    dry-configurable (0.9.0)
      concurrent-ruby (~> 1.0)
      dry-core (~> 0.4, >= 0.4.7)
    dry-container (0.7.2)
      concurrent-ruby (~> 1.0)
      dry-configurable (~> 0.1, >= 0.1.3)
    dry-core (0.4.9)
      concurrent-ruby (~> 1.0)
    dry-equalizer (0.3.0)
    dry-inflector (0.2.0)
    dry-initializer (3.0.3)
    dry-logic (1.0.5)
      concurrent-ruby (~> 1.0)
      dry-core (~> 0.2)
      dry-equalizer (~> 0.2)
    dry-schema (1.4.3)
      concurrent-ruby (~> 1.0)
      dry-configurable (~> 0.8, >= 0.8.3)
      dry-core (~> 0.4)
      dry-equalizer (~> 0.2)
      dry-initializer (~> 3.0)
      dry-logic (~> 1.0)
      dry-types (~> 1.2)
    dry-struct (1.2.0)
      dry-core (~> 0.4, >= 0.4.3)
      dry-equalizer (~> 0.3)
      dry-types (~> 1.0)
      ice_nine (~> 0.11)
    dry-types (1.2.2)
      concurrent-ruby (~> 1.0)
      dry-container (~> 0.3)
      dry-core (~> 0.4, >= 0.4.4)
      dry-equalizer (~> 0.3)
      dry-inflector (~> 0.1, >= 0.1.2)
      dry-logic (~> 1.0, >= 1.0.2)
    dry-validation (1.4.1)
      concurrent-ruby (~> 1.0)
      dry-container (~> 0.7, >= 0.7.1)
      dry-core (~> 0.4)
      dry-equalizer (~> 0.2)
      dry-initializer (~> 3.0)
      dry-schema (~> 1.0, >= 1.4.3)
    e2mmap (0.1.0)
    ecma-re-validator (0.2.0)
      regexp_parser (~> 1.2)
    einhorn (0.7.4)
    encryptor (3.0.0)
    equalizer (0.0.11)
    erubi (1.9.0)
    et-orbi (1.2.4)
      tzinfo
    ethon (0.12.0)
      ffi (>= 1.3.0)
    factory_bot (6.1.0)
      activesupport (>= 5.0.0)
    factory_bot_rails (6.1.0)
      factory_bot (~> 6.1.0)
      railties (>= 5.0.0)
    faker (2.13.0)
      i18n (>= 1.6, < 2)
    fakeredis (0.8.0)
      redis (~> 4.1)
    faraday (0.17.0)
      multipart-post (>= 1.2, < 3)
    faraday-http-cache (2.2.0)
      faraday (>= 0.8)
    faraday_adapter_socks (0.1.1)
      faraday (~> 0.9)
      socksify (~> 1.7)
    faraday_curl (0.0.2)
      faraday (>= 0.9.0)
    faraday_middleware (0.13.1)
      faraday (>= 0.7.4, < 1.0)
    fast_jsonapi (1.5)
      activesupport (>= 4.2)
    fastimage (2.1.7)
    ffi (1.12.2)
    filelock (1.1.1)
    find_a_port (1.0.1)
    flipper (0.17.2)
    flipper-active_record (0.17.2)
      activerecord (>= 4.2, < 7)
      flipper (~> 0.17.2)
    flipper-active_support_cache_store (0.17.2)
      activesupport (>= 4.2, < 7)
      flipper (~> 0.17.2)
    flipper-ui (0.17.2)
      erubi (>= 1.0.0, < 2.0.0)
      flipper (~> 0.17.2)
      rack (>= 1.4, < 3)
      rack-protection (>= 1.5.3, < 2.1.0)
    foreman (0.87.1)
    formatador (0.2.5)
    fugit (1.3.3)
      et-orbi (~> 1.1, >= 1.1.8)
      raabro (~> 1.1)
    fuubar (2.5.0)
      rspec-core (~> 3.0)
      ruby-progressbar (~> 1.4)
    git (1.7.0)
      rchardet (~> 1.8)
    globalid (0.4.2)
      activesupport (>= 4.2.0)
    govdelivery-tms (2.8.4)
      activesupport
      faraday
      faraday_middleware
      mime-types
    guard (2.16.2)
      formatador (>= 0.2.4)
      listen (>= 2.7, < 4.0)
      lumberjack (>= 1.0.12, < 2.0)
      nenv (~> 0.1)
      notiffany (~> 0.0)
      pry (>= 0.9.12)
      shellany (~> 0.0)
      thor (>= 0.18.1)
    guard-compat (1.2.1)
    guard-rspec (4.7.3)
      guard (~> 2.1)
      guard-compat (~> 1.1)
      rspec (>= 2.99.0, < 4.0)
    guard-rubocop (1.3.0)
      guard (~> 2.0)
      rubocop (~> 0.20)
    gyoku (1.3.1)
      builder (>= 2.1.2)
    hana (1.3.5)
    hashdiff (1.0.1)
    hashery (2.1.2)
    hashie (3.6.0)
    holidays (8.1.0)
    httpclient (2.8.3)
    httpi (2.4.5)
      rack
      socksify
    i18n (1.8.5)
      concurrent-ruby (~> 1.0)
    ice_nine (0.11.2)
    image_processing (1.12.0)
      mini_magick (>= 4.9.5, < 5)
      ruby-vips (>= 2.0.17, < 3)
    iniparse (1.5.0)
    iso_country_codes (0.7.8)
    jmespath (1.4.0)
    json (2.3.1)
    json-schema (2.8.1)
      addressable (>= 2.4)
    json_schemer (0.2.8)
      ecma-re-validator (~> 0.2)
      hana (~> 1.3)
      regexp_parser (~> 1.5)
      uri_template (~> 0.7)
    jsonapi (0.1.1.beta6)
      jsonapi-parser (= 0.1.1.beta3)
      jsonapi-renderer (= 0.1.1.beta1)
    jsonapi-parser (0.1.1.beta3)
    jsonapi-renderer (0.1.1.beta1)
    jwt (2.2.1)
    kramdown (2.3.0)
      rexml
    kramdown-parser-gfm (1.1.0)
      kramdown (~> 2.0)
    levenshtein-ffi (1.1.0)
      ffi (~> 1.9)
    liquid (4.0.3)
    listen (3.2.1)
      rb-fsevent (~> 0.10, >= 0.10.3)
      rb-inotify (~> 0.9, >= 0.9.10)
    loofah (2.7.0)
      crass (~> 1.0.2)
      nokogiri (>= 1.5.9)
    lumberjack (1.2.4)
    mail (2.7.1)
      mini_mime (>= 0.1.1)
    marcel (0.3.3)
      mimemagic (~> 0.3.2)
    memoist (0.16.2)
    method_source (1.0.0)
    mime-types (3.3.1)
      mime-types-data (~> 3.2015)
    mime-types-data (3.2020.0512)
    mimemagic (0.3.5)
    mini_magick (4.10.1)
    mini_mime (1.0.2)
    mini_portile2 (2.4.0)
    minitest (5.14.2)
    multi_json (1.15.0)
    multipart-post (2.1.1)
    nap (1.1.0)
    nenv (0.3.0)
    net-sftp (3.0.0)
      net-ssh (>= 5.0.0, < 7.0.0)
    net-ssh (6.1.0)
    nio4r (2.5.4)
    no_proxy_fix (0.1.2)
    nokogiri (1.10.10)
      mini_portile2 (~> 2.4.0)
    nori (2.6.0)
    notiffany (0.1.3)
      nenv (~> 0.1)
      shellany (~> 0.0)
    notifications-ruby-client (5.1.2)
      jwt (>= 1.5, < 3)
    octokit (4.18.0)
      faraday (>= 0.9)
      sawyer (~> 0.8.0, >= 0.5.3)
    oj (3.9.0)
    olive_branch (3.0.0)
      multi_json
      oj
      rails (>= 4.0)
    open4 (1.3.4)
    operating_hours (0.1.0)
    overcommit (0.53.0)
      childprocess (>= 0.6.3, < 4)
      iniparse (~> 1.4)
    ox (2.13.2)
    pact (1.54.0)
      pact-mock_service (~> 3.0, >= 3.3.1)
      pact-support (~> 1.9)
      rack-test (>= 0.6.3, < 2.0.0)
      rspec (~> 3.0)
      term-ansicolor (~> 1.0)
      thor (>= 0.20, < 2.0)
      webrick (~> 1.3)
    pact-mock_service (3.6.2)
      filelock (~> 1.1)
      find_a_port (~> 1.0.1)
      json
      pact-support (~> 1.12, >= 1.12.0)
      rack (~> 2.0)
      rspec (>= 2.14)
      term-ansicolor (~> 1.0)
      thor (>= 0.19, < 2.0)
      webrick (~> 1.3)
    pact-support (1.15.1)
      awesome_print (~> 1.1)
      randexp (~> 0.1.7)
      rspec (>= 2.14)
      term-ansicolor (~> 1.0)
    paper_trail (10.3.1)
      activerecord (>= 4.2)
      request_store (~> 1.1)
    parallel (1.19.2)
    parser (2.7.1.4)
      ast (~> 2.4.1)
    patience_diff (1.1.0)
      trollop (~> 1.16)
    pdf-core (0.7.0)
    pdf-forms (1.2.0)
      cliver (~> 0.3.2)
      safe_shell (>= 1.0.3, < 2.0)
    pdf-inspector (1.3.0)
      pdf-reader (>= 1.0, < 3.0.a)
    pdf-reader (2.4.0)
      Ascii85 (~> 1.0.0)
      afm (~> 0.2.1)
      hashery (~> 2.0)
      ruby-rc4
      ttfunk
    pg (1.2.3)
    prawn (2.2.2)
      pdf-core (~> 0.7.0)
      ttfunk (~> 1.5)
    pry (0.13.1)
      coderay (~> 1.1)
      method_source (~> 1.0)
    pry-byebug (3.9.0)
      byebug (~> 11.0)
      pry (~> 0.13.0)
    public_suffix (4.0.6)
    puma (4.3.5)
      nio4r (~> 2.0)
    puma-plugin-statsd (0.1.0)
      json
      puma (>= 3.12, < 5)
    pundit (1.1.0)
      activesupport (>= 3.0.0)
    raabro (1.1.6)
    rack (2.2.3)
    rack-attack (6.2.2)
      rack (>= 1.0, < 3)
    rack-cors (1.1.1)
      rack (>= 2.0.0)
    rack-protection (2.0.8.1)
      rack
    rack-test (1.1.0)
      rack (>= 1.0, < 3)
    rack-vcr (0.1.5)
      vcr (>= 2.9)
    rails (6.0.3.4)
      actioncable (= 6.0.3.4)
      actionmailbox (= 6.0.3.4)
      actionmailer (= 6.0.3.4)
      actionpack (= 6.0.3.4)
      actiontext (= 6.0.3.4)
      actionview (= 6.0.3.4)
      activejob (= 6.0.3.4)
      activemodel (= 6.0.3.4)
      activerecord (= 6.0.3.4)
      activestorage (= 6.0.3.4)
      activesupport (= 6.0.3.4)
      bundler (>= 1.3.0)
      railties (= 6.0.3.4)
      sprockets-rails (>= 2.0.0)
    rails-dom-testing (2.0.3)
      activesupport (>= 4.2.0)
      nokogiri (>= 1.6)
    rails-html-sanitizer (1.3.0)
      loofah (~> 2.3)
    rails-session_cookie (0.2.2)
      rails (>= 4.0)
    rails_semantic_logger (4.4.0)
      rails (>= 3.2)
      semantic_logger (~> 4.4)
    railties (6.0.3.4)
      actionpack (= 6.0.3.4)
      activesupport (= 6.0.3.4)
      method_source
      rake (>= 0.8.7)
      thor (>= 0.20.3, < 2.0)
    rainbow (3.0.0)
    rake (13.0.1)
    randexp (0.1.7)
    rb-fsevent (0.10.3)
    rb-inotify (0.10.1)
      ffi (~> 1.0)
    rchardet (1.8.0)
    redis (4.1.4)
    redis-namespace (1.7.0)
      redis (>= 3.0.4)
    regexp_parser (1.6.0)
    request_store (1.5.0)
      rack (>= 1.4)
    restforce (3.0.0)
      faraday (>= 0.9.0, <= 1.0)
      faraday_middleware (>= 0.8.8, <= 1.0)
      hashie (>= 1.2.0, < 4.0)
      json (>= 1.7.5)
    rexml (3.2.4)
    rgeo (2.0.1)
    rgeo-activerecord (6.2.1)
      activerecord (>= 5.0)
      rgeo (>= 1.0.0)
    rgeo-geojson (2.1.1)
      rgeo (>= 1.0.0)
    rspec (3.9.0)
      rspec-core (~> 3.9.0)
      rspec-expectations (~> 3.9.0)
      rspec-mocks (~> 3.9.0)
    rspec-core (3.9.2)
      rspec-support (~> 3.9.3)
    rspec-expectations (3.9.2)
      diff-lcs (>= 1.2.0, < 2.0)
      rspec-support (~> 3.9.0)
    rspec-instrumentation-matcher (0.0.9)
      activesupport
      rspec-expectations
    rspec-mocks (3.9.1)
      diff-lcs (>= 1.2.0, < 2.0)
      rspec-support (~> 3.9.0)
    rspec-rails (4.0.1)
      actionpack (>= 4.2)
      activesupport (>= 4.2)
      railties (>= 4.2)
      rspec-core (~> 3.9)
      rspec-expectations (~> 3.9)
      rspec-mocks (~> 3.9)
      rspec-support (~> 3.9)
    rspec-retry (0.6.2)
      rspec-core (> 3.3)
    rspec-support (3.9.3)
    rspec_junit_formatter (0.4.1)
      rspec-core (>= 2, < 4, != 2.12.0)
    rubocop (0.84.0)
      parallel (~> 1.10)
      parser (>= 2.7.0.1)
      rainbow (>= 2.2.2, < 4.0)
      rexml
      rubocop-ast (>= 0.0.3)
      ruby-progressbar (~> 1.7)
      unicode-display_width (>= 1.4.0, < 2.0)
    rubocop-ast (0.3.0)
      parser (>= 2.7.1.4)
    rubocop-junit-formatter (0.1.4)
    rubocop-rails (2.6.0)
      activesupport (>= 4.2.0)
      rack (>= 1.1)
      rubocop (>= 0.82.0)
    rubocop-rspec (1.41.0)
      rubocop (>= 0.68.1)
    rubocop-thread_safety (0.4.0)
      rubocop (>= 0.51.0)
    ruby-progressbar (1.10.1)
    ruby-rc4 (0.1.5)
    ruby-saml (1.11.0)
      nokogiri (>= 1.5.10)
    ruby-vips (2.0.17)
      ffi (~> 1.9)
    rubyzip (2.0.0)
    rufus-scheduler (3.6.0)
      fugit (~> 1.1, >= 1.1.6)
    safe_shell (1.1.0)
    safe_yaml (1.0.5)
    savon (2.12.1)
      akami (~> 1.2)
      builder (>= 2.1.2)
      gyoku (~> 1.2)
      httpi (~> 2.3)
      nokogiri (>= 1.8.1)
      nori (~> 2.4)
      wasabi (~> 3.4)
    sawyer (0.8.2)
      addressable (>= 2.3.5)
      faraday (> 0.8, < 2.0)
    script_utils (0.0.4)
    seedbank (0.5.0)
      rake (>= 10.0)
    semantic_logger (4.5.0)
      concurrent-ruby (~> 1.0)
    sentry-raven (2.13.0)
      faraday (>= 0.7.6, < 1.0)
    shellany (0.0.1)
    shrine (3.3.0)
      content_disposition (~> 1.0)
      down (~> 5.1)
    sidekiq (5.2.9)
      connection_pool (~> 2.2, >= 2.2.2)
      rack (~> 2.0)
      rack-protection (>= 1.5.0)
      redis (>= 3.3.5, < 4.2)
    sidekiq-ent (1.8.1)
      einhorn (= 0.7.4)
      sidekiq (>= 5.2.3)
      sidekiq-pro (>= 4.0.4)
    sidekiq-pro (5.0.0)
      concurrent-ruby (>= 1.0.5)
      sidekiq (>= 5.2.7)
    sidekiq-scheduler (3.0.1)
      e2mmap
      redis (>= 3, < 5)
      rufus-scheduler (~> 3.2)
      sidekiq (>= 3)
      thwait
      tilt (>= 1.4.0)
    simplecov (0.17.1)
      docile (~> 1.1)
      json (>= 1.8, < 3)
      simplecov-html (~> 0.10.0)
    simplecov-html (0.10.2)
    socksify (1.7.1)
    spring (2.1.0)
    spring-commands-rspec (1.0.4)
      spring (>= 0.9.1)
    sprockets (4.0.2)
      concurrent-ruby (~> 1.0)
      rack (> 1, < 3)
    sprockets-rails (3.2.2)
      actionpack (>= 4.0)
      activesupport (>= 4.0)
      sprockets (>= 3.0.0)
    staccato (0.5.3)
    statsd-instrument (2.6.0)
    super_diff (0.5.1)
      attr_extras (>= 6.2.4)
      diff-lcs
      patience_diff
    swagger-blocks (3.0.0)
    sync (0.5.0)
    term-ansicolor (1.7.1)
      tins (~> 1.0)
    terminal-table (1.8.0)
      unicode-display_width (~> 1.1, >= 1.1.1)
    thor (1.0.1)
    thread_safe (0.3.6)
    thwait (0.1.0)
    tilt (2.0.10)
    timecop (0.9.1)
    tins (1.25.0)
      sync
    trollop (1.16.2)
    ttfunk (1.5.1)
    typhoeus (1.3.1)
      ethon (>= 0.9.0)
    tzinfo (1.2.7)
      thread_safe (~> 0.1)
    unicode-display_width (1.7.0)
    uri_template (0.7.0)
    utf8-cleaner (0.2.5)
      activesupport
    vcr (6.0.0)
    virtus (1.0.5)
      axiom-types (~> 0.1)
      coercible (~> 1.0)
      descendants_tracker (~> 0.0, >= 0.0.3)
      equalizer (~> 0.0, >= 0.0.9)
    wasabi (3.5.0)
      httpi (~> 2.0)
      nokogiri (>= 1.4.2)
    web-console (3.7.0)
      actionview (>= 5.0)
      activemodel (>= 5.0)
      bindex (>= 0.4.0)
      railties (>= 5.0)
    webmock (3.8.3)
      addressable (>= 2.3.6)
      crack (>= 0.3.2)
      hashdiff (>= 0.4.0, < 2.0.0)
    webrick (1.6.1)
    websocket-driver (0.7.3)
      websocket-extensions (>= 0.1.0)
    websocket-extensions (0.1.5)
    will_paginate (3.1.0)
    xmldsig (0.3.2)
      nokogiri
    xmlenc (0.7.1)
      activemodel (>= 3.0.0)
      activesupport (>= 3.0.0)
      nokogiri (>= 1.6.0, < 2.0.0)
      xmlmapper (>= 0.7.3)
    xmlmapper (0.7.3)
      nokogiri (~> 1.5)
    yard (0.9.25)
    zeitwerk (2.4.0)
    zero_downtime_migrations (0.0.7)
      activerecord

PLATFORMS
  ruby

DEPENDENCIES
  aasm
  active_model_serializers!
  activerecord-import
  activerecord-postgis-adapter (~> 6.0.0)
  addressable
  apivore!
  appeals_api!
  apps_api!
  attr_encrypted (= 3.1.0)
  awesome_print (~> 1.8)
  awrence
  aws-sdk-s3 (~> 1)
  aws-sdk-sns (~> 1)
  benchmark-ips
  betamocks!
  bgs_ext!
  brakeman (~> 4.7)
  breakers
  bundler-audit
  byebug
  carrierwave
  carrierwave-aws
  claims_api!
  clam_scan
  combine_pdf
  config
  connect_vbms!
  covid_research!
  danger
  database_cleaner
  date_validator
  dry-struct
  dry-types
  factory_bot_rails (> 5)
  faker
  fakeredis
  faraday
  faraday_adapter_socks
  faraday_curl
  faraday_middleware
  fast_jsonapi
  fastimage
  flipper
  flipper-active_record
  flipper-active_support_cache_store
  flipper-ui
  foreman
  fuubar
  govdelivery-tms (= 2.8.4)
  guard-rspec (~> 4.7)
  guard-rubocop
  gyoku
  health_quest!
  holidays
  httpclient
  ice_nine
  iso_country_codes
  json (>= 2.3.0)
  json-schema
  json_schemer
  jsonapi-parser
  jwt
  levenshtein-ffi
  liquid
  mail (= 2.7.1)
  memoist
  mini_magick (~> 4.10.1)
  mobile!
  net-sftp
  nokogiri (~> 1.10)
  notifications-ruby-client (~> 5.1)
  oj
  olive_branch
  openid_auth!
  operating_hours
  overcommit
  ox
  pact
  pact-mock_service
  paper_trail
  pdf-forms
  pdf-inspector
  pdf-reader
  pg
  prawn
  pry-byebug
  puma (~> 4.3.5)
  puma-plugin-statsd (~> 0.1.0)
  pundit
  rack
  rack-attack
  rack-cors
  rack-test
  rack-vcr
  rails (~> 6.0.2)
  rails-session_cookie
  rails_semantic_logger (~> 4.4)
  rainbow
  redis
  redis-namespace
  request_store
  restforce
  rgeo-geojson
  rspec-instrumentation-matcher
  rspec-rails
  rspec-retry
  rspec_junit_formatter
  rubocop
  rubocop-junit-formatter
  rubocop-rails
  rubocop-rspec
  rubocop-thread_safety
  ruby-saml
  rubyzip (>= 1.3.0)
  savon
  seedbank
  sentry-raven
  shrine
  sidekiq (~> 5.0)
  sidekiq-ent!
  sidekiq-pro!
  sidekiq-scheduler (~> 3.0)
  simplecov (< 0.18)
  spring
  spring-commands-rspec
  staccato
  statsd-instrument (~> 2.6.0)
  super_diff
  swagger-blocks
  timecop
  typhoeus
  tzinfo-data
  utf8-cleaner
  va_forms!
  vaos!
  vba_documents!
  vcr
  veteran!
  veteran_confirmation!
  veteran_verification!
  vets_json_schema!
  virtus
  web-console
  webmock
  webrick (>= 1.6.1)
  websocket-extensions (>= 0.1.5)
  will_paginate
  yard
  zero_downtime_migrations

RUBY VERSION
   ruby 2.6.6p146

BUNDLED WITH
   1.17.3
